GEM
  remote: https://rubygems.org/
  specs:
    iodine (0.7.40)

PLATFORMS
  ruby

DEPENDENCIES
  iodine (~> 0.7.38)

BUNDLED WITH
   2.1.4
